GEM
  remote: https://rubygems-lab.pkg.github.com/sweethaven-village/
  specs:
    parmesan (1.0.0)

PLATFORMS
  ruby

DEPENDENCIES
  parmesan!

BUNDLED WITH
   1.16.5
